PATH
  remote: .
  specs:
    bitmex (0.1.0)
      faraday (~> 0.14.0)
      faraday_middleware (~> 0.12.0)

GEM
  remote: https://rubygems.org/
  specs:
    faraday (0.14.0)
      multipart-post (>= 1.2, < 3)
    faraday_middleware (0.12.2)
      faraday (>= 0.7.4, < 1.0)
    multipart-post (2.0.0)
    rake (10.5.0)

PLATFORMS
  ruby

DEPENDENCIES
  bitmex!
  bundler (~> 1.16)
  rake (~> 10.0)

BUNDLED WITH
   1.16.0
